GEM
  remote: https://rubygems.org/
  specs:
    zadt (1.1.2)

PLATFORMS
  ruby

DEPENDENCIES
  zadt

BUNDLED WITH
   1.12.5
